GEM
  remote: https://rubygems.org/
  specs:
    diff-lcs (1.5.0)
    nokogiri (1.16.0-aarch64-linux)
      racc (~> 1.4)
    nokogiri (1.16.0-arm-linux)
      racc (~> 1.4)
    nokogiri (1.16.0-arm64-darwin)
      racc (~> 1.4)
    nokogiri (1.16.0-x86-linux)
      racc (~> 1.4)
    nokogiri (1.16.0-x86_64-darwin)
      racc (~> 1.4)
    nokogiri (1.16.0-x86_64-linux)
      racc (~> 1.4)
    racc (1.7.3)
    rack (2.2.8)
    rspec (3.12.0)
      rspec-core (~> 3.12.0)
      rspec-expectations (~> 3.12.0)
      rspec-mocks (~> 3.12.0)
    rspec-core (3.12.2)
      rspec-support (~> 3.12.0)
    rspec-expectations (3.12.3)
      diff-lcs (>= 1.2.0, < 2.0)
      rspec-support (~> 3.12.0)
    rspec-mocks (3.12.6)
      diff-lcs (>= 1.2.0, < 2.0)
      rspec-support (~> 3.12.0)
    rspec-support (3.12.1)

PLATFORMS
  aarch64-linux
  arm-linux
  arm64-darwin
  x86-linux
  x86_64-darwin
  x86_64-linux

DEPENDENCIES
  nokogiri
  rack (~> 2.2.4)
  rspec

BUNDLED WITH
   2.5.4
